GEM
  remote: https://rubygems.org/
  specs:
    actioncable (8.0.2)
      actionpack (= 8.0.2)
      activesupport (= 8.0.2)
      nio4r (~> 2.0)
      websocket-driver (>= 0.6.1)
      zeitwerk (~> 2.6)
    actionmailbox (8.0.2)
      actionpack (= 8.0.2)
      activejob (= 8.0.2)
      activerecord (= 8.0.2)
      activestorage (= 8.0.2)
      activesupport (= 8.0.2)
      mail (>= 2.8.0)
    actionmailer (8.0.2)
      actionpack (= 8.0.2)
      actionview (= 8.0.2)
      activejob (= 8.0.2)
      activesupport (= 8.0.2)
      mail (>= 2.8.0)
      rails-dom-testing (~> 2.2)
    actionpack (8.0.2)
      actionview (= 8.0.2)
      activesupport (= 8.0.2)
      nokogiri (>= 1.8.5)
      rack (>= 2.2.4)
      rack-session (>= 1.0.1)
      rack-test (>= 0.6.3)
      rails-dom-testing (~> 2.2)
      rails-html-sanitizer (~> 1.6)
      useragent (~> 0.16)
    actiontext (8.0.2)
      actionpack (= 8.0.2)
      activerecord (= 8.0.2)
      activestorage (= 8.0.2)
      activesupport (= 8.0.2)
      globalid (>= 0.6.0)
      nokogiri (>= 1.8.5)
    actionview (8.0.2)
      activesupport (= 8.0.2)
      builder (~> 3.1)
      erubi (~> 1.11)
      rails-dom-testing (~> 2.2)
      rails-html-sanitizer (~> 1.6)
    active_storage_dashboard (0.1.8)
      rails (>= 5.2.0)
    activeadmin (4.0.0.beta15)
      arbre (~> 2.0)
      csv
      formtastic (>= 3.1)
      formtastic_i18n (>= 0.4)
      inherited_resources (~> 2.0)
      kaminari (>= 1.2.1)
      railties (>= 7.0)
      ransack (>= 4.0)
    activejob (8.0.2)
      activesupport (= 8.0.2)
      globalid (>= 0.3.6)
    activemodel (8.0.2)
      activesupport (= 8.0.2)
    activerecord (8.0.2)
      activemodel (= 8.0.2)
      activesupport (= 8.0.2)
      timeout (>= 0.4.0)
    activestorage (8.0.2)
      actionpack (= 8.0.2)
      activejob (= 8.0.2)
      activerecord (= 8.0.2)
      activesupport (= 8.0.2)
      marcel (~> 1.0)
    activesupport (8.0.2)
      base64
      benchmark (>= 0.3)
      bigdecimal
      concurrent-ruby (~> 1.0, >= 1.3.1)
      connection_pool (>= 2.2.5)
      drb
      i18n (>= 1.6, < 2)
      logger (>= 1.4.2)
      minitest (>= 5.1)
      securerandom (>= 0.3)
      tzinfo (~> 2.0, >= 2.0.5)
      uri (>= 0.13.1)
    acts_as_list (1.2.4)
      activerecord (>= 6.1)
      activesupport (>= 6.1)
    addressable (2.8.7)
      public_suffix (>= 2.0.2, < 7.0)
    arbre (2.2.0)
      activesupport (>= 7.0)
    ast (2.4.3)
    aws-eventstream (1.4.0)
    aws-partitions (1.1125.0)
    aws-sdk-core (3.226.2)
      aws-eventstream (~> 1, >= 1.3.0)
      aws-partitions (~> 1, >= 1.992.0)
      aws-sigv4 (~> 1.9)
      base64
      jmespath (~> 1, >= 1.6.1)
      logger
    aws-sdk-kms (1.106.0)
      aws-sdk-core (~> 3, >= 3.225.0)
      aws-sigv4 (~> 1.5)
    aws-sdk-s3 (1.192.0)
      aws-sdk-core (~> 3, >= 3.225.0)
      aws-sdk-kms (~> 1)
      aws-sigv4 (~> 1.5)
    aws-sigv4 (1.12.1)
      aws-eventstream (~> 1, >= 1.0.2)
    axiom-types (0.1.1)
      descendants_tracker (~> 0.0.4)
      ice_nine (~> 0.11.0)
      thread_safe (~> 0.3, >= 0.3.1)
    base64 (0.3.0)
    bcrypt (3.1.20)
    bcrypt_pbkdf (1.1.1)
    benchmark (0.4.1)
    better_html (2.1.1)
      actionview (>= 6.0)
      activesupport (>= 6.0)
      ast (~> 2.0)
      erubi (~> 1.4)
      parser (>= 2.4)
      smart_properties
    bigdecimal (3.2.2)
    bindex (0.8.1)
    blazer (3.3.0)
      activerecord (>= 7.1)
      chartkick (>= 5)
      csv
      railties (>= 7.1)
      safely_block (>= 0.4)
    brakeman (7.0.2)
      racc
    builder (3.3.0)
    bundler-audit (0.9.2)
      bundler (>= 1.2.0, < 3)
      thor (~> 1.0)
    capybara (3.40.0)
      addressable
      matrix
      mini_mime (>= 0.1.3)
      nokogiri (~> 1.11)
      rack (>= 1.6.0)
      rack-test (>= 0.6.3)
      regexp_parser (>= 1.5, < 3.0)
      xpath (~> 3.2)
    chartkick (5.2.0)
    childprocess (5.1.0)
      logger (~> 1.5)
    chunky_png (1.4.0)
    city-state (1.1.0)
      rubyzip (>= 2.3)
    coercible (1.0.0)
      descendants_tracker (~> 0.0.1)
    concurrent-ruby (1.3.5)
    connection_pool (2.5.3)
    countries (8.0.3)
      unaccent (~> 0.3)
    country_select (11.0.0)
      countries (> 6.0, < 9.0)
    crass (1.0.6)
    css_parser (1.21.1)
      addressable
    cssbundling-rails (1.4.3)
      railties (>= 6.0.0)
    csv (3.3.5)
    date (3.4.1)
    debug (1.11.0)
      irb (~> 1.10)
      reline (>= 0.3.8)
    descendants_tracker (0.0.4)
      thread_safe (~> 0.3, >= 0.3.1)
    devise (4.9.4)
      bcrypt (~> 3.0)
      orm_adapter (~> 0.1)
      railties (>= 4.1.0)
      responders
      warden (~> 1.2.3)
    devise-i18n (1.14.0)
      devise (>= 4.9.0)
      rails-i18n
    devise-two-factor (6.1.0)
      activesupport (>= 7.0, < 8.1)
      devise (~> 4.0)
      railties (>= 7.0, < 8.1)
      rotp (~> 6.0)
    docile (1.4.1)
    dockerfile-rails (1.7.10)
      rails (>= 3.0.0)
    dotenv (3.1.8)
    drb (2.2.3)
    dry-configurable (1.3.0)
      dry-core (~> 1.1)
      zeitwerk (~> 2.6)
    dry-core (1.1.0)
      concurrent-ruby (~> 1.0)
      logger
      zeitwerk (~> 2.6)
    dry-inflector (1.2.0)
    dry-initializer (3.2.0)
    dry-logic (1.6.0)
      bigdecimal
      concurrent-ruby (~> 1.0)
      dry-core (~> 1.1)
      zeitwerk (~> 2.6)
    dry-schema (1.14.1)
      concurrent-ruby (~> 1.0)
      dry-configurable (~> 1.0, >= 1.0.1)
      dry-core (~> 1.1)
      dry-initializer (~> 3.2)
      dry-logic (~> 1.5)
      dry-types (~> 1.8)
      zeitwerk (~> 2.6)
    dry-types (1.8.3)
      bigdecimal (~> 3.0)
      concurrent-ruby (~> 1.0)
      dry-core (~> 1.0)
      dry-inflector (~> 1.0)
      dry-logic (~> 1.4)
      zeitwerk (~> 2.6)
    ed25519 (1.4.0)
    erb (5.0.2)
    erb_lint (0.9.0)
      activesupport
      better_html (>= 2.0.1)
      parser (>= 2.7.1.4)
      rainbow
      rubocop (>= 1)
      smart_properties
    erubi (1.13.1)
    et-orbi (1.2.11)
      tzinfo
    exception-track (1.3.0)
      kaminari (>= 0.15)
      rails (>= 5.2)
    ffi (1.17.2-aarch64-linux-gnu)
    ffi (1.17.2-aarch64-linux-musl)
    ffi (1.17.2-arm-linux-gnu)
    ffi (1.17.2-arm-linux-musl)
    ffi (1.17.2-x86_64-darwin)
    ffi (1.17.2-x86_64-linux-gnu)
    ffi (1.17.2-x86_64-linux-musl)
    flay (2.13.3)
      erubi (~> 1.10)
      path_expander (~> 1.0)
      ruby_parser (~> 3.0)
      sexp_processor (~> 4.0)
    flipper (1.3.5)
      concurrent-ruby (< 2)
    flipper-active_record (1.3.5)
      activerecord (>= 4.2, < 9)
      flipper (~> 1.3.5)
    flipper-ui (1.3.5)
      erubi (>= 1.0.0, < 2.0.0)
      flipper (~> 1.3.5)
      rack (>= 1.4, < 4)
      rack-protection (>= 1.5.3, < 5.0.0)
      rack-session (>= 1.0.2, < 3.0.0)
      sanitize (< 8)
    flog (4.8.0)
      path_expander (~> 1.0)
      ruby_parser (~> 3.1, > 3.1.0)
      sexp_processor (~> 4.8)
    formtastic (5.0.0)
      actionpack (>= 6.0.0)
    formtastic_i18n (0.7.0)
    fugit (1.11.1)
      et-orbi (~> 1, >= 1.2.11)
      raabro (~> 1.4)
    globalid (1.2.1)
      activesupport (>= 6.1)
    has_scope (0.8.2)
      actionpack (>= 5.2)
      activesupport (>= 5.2)
    htmlbeautifier (1.4.3)
    htmlentities (4.3.4)
    i18n (1.14.7)
      concurrent-ruby (~> 1.0)
    ice_cube (0.17.0)
    ice_nine (0.11.2)
    image_processing (1.14.0)
      mini_magick (>= 4.9.5, < 6)
      ruby-vips (>= 2.0.17, < 3)
    importmap-rails (2.1.0)
      actionpack (>= 6.0.0)
      activesupport (>= 6.0.0)
      railties (>= 6.0.0)
    inherited_resources (2.1.0)
      actionpack (>= 7.0)
      has_scope (>= 0.6)
      railties (>= 7.0)
      responders (>= 2)
    inline_svg (1.10.0)
      activesupport (>= 3.0)
      nokogiri (>= 1.6)
    io-console (0.8.1)
    irb (1.15.2)
      pp (>= 0.6.0)
      rdoc (>= 4.0.0)
      reline (>= 0.4.2)
    jmespath (1.6.2)
    json (2.12.2)
    kamal (2.7.0)
      activesupport (>= 7.0)
      base64 (~> 0.2)
      bcrypt_pbkdf (~> 1.0)
      concurrent-ruby (~> 1.2)
      dotenv (~> 3.1)
      ed25519 (~> 1.4)
      net-ssh (~> 7.3)
      sshkit (>= 1.23.0, < 2.0)
      thor (~> 1.3)
      zeitwerk (>= 2.6.18, < 3.0)
    kaminari (1.2.2)
      activesupport (>= 4.1.0)
      kaminari-actionview (= 1.2.2)
      kaminari-activerecord (= 1.2.2)
      kaminari-core (= 1.2.2)
    kaminari-actionview (1.2.2)
      actionview
      kaminari-core (= 1.2.2)
    kaminari-activerecord (1.2.2)
      activerecord
      kaminari-core (= 1.2.2)
    kaminari-core (1.2.2)
    language_server-protocol (3.17.0.5)
    launchy (3.1.1)
      addressable (~> 2.8)
      childprocess (~> 5.0)
      logger (~> 1.6)
    letter_opener (1.10.0)
      launchy (>= 2.2, < 4)
    letter_opener_web (3.0.0)
      actionmailer (>= 6.1)
      letter_opener (~> 1.9)
      railties (>= 6.1)
      rexml
    lint_roller (1.1.0)
    listen (3.9.0)
      rb-fsevent (~> 0.10, >= 0.10.3)
      rb-inotify (~> 0.9, >= 0.9.10)
    litestream (0.14.0)
      actionpack (>= 7.0)
      actionview (>= 7.0)
      activejob (>= 7.0)
      activesupport (>= 7.0)
      railties (>= 7.0)
      sqlite3
    litestream (0.14.0-aarch64-linux)
      actionpack (>= 7.0)
      actionview (>= 7.0)
      activejob (>= 7.0)
      activesupport (>= 7.0)
      railties (>= 7.0)
      sqlite3
    litestream (0.14.0-x86_64-darwin)
      actionpack (>= 7.0)
      actionview (>= 7.0)
      activejob (>= 7.0)
      activesupport (>= 7.0)
      railties (>= 7.0)
      sqlite3
    litestream (0.14.0-x86_64-linux)
      actionpack (>= 7.0)
      actionview (>= 7.0)
      activejob (>= 7.0)
      activesupport (>= 7.0)
      railties (>= 7.0)
      sqlite3
    logger (1.7.0)
    loofah (2.24.1)
      crass (~> 1.0.2)
      nokogiri (>= 1.12.0)
    lookbook (2.3.11)
      activemodel
      css_parser
      htmlbeautifier (~> 1.3)
      htmlentities (~> 4.3.4)
      marcel (~> 1.0)
      railties (>= 5.0)
      redcarpet (~> 3.5)
      rouge (>= 3.26, < 5.0)
      view_component (>= 2.0)
      yard (~> 0.9)
      zeitwerk (~> 2.5)
    mail (2.8.1)
      mini_mime (>= 0.1.1)
      net-imap
      net-pop
      net-smtp
    marcel (1.0.4)
    matrix (0.4.3)
    method_source (1.1.0)
    mini_magick (5.2.0)
      benchmark
      logger
    mini_mime (1.1.5)
    minitest (5.25.5)
    mission_control-jobs (1.1.0)
      actioncable (>= 7.1)
      actionpack (>= 7.1)
      activejob (>= 7.1)
      activerecord (>= 7.1)
      importmap-rails (>= 1.2.1)
      irb (~> 1.13)
      railties (>= 7.1)
      stimulus-rails
      turbo-rails
    mobility (1.3.2)
      i18n (>= 0.6.10, < 2)
      request_store (~> 1.0)
    name_of_person (1.1.3)
      activesupport (>= 5.2.0)
    net-imap (0.5.9)
      date
      net-protocol
    net-pop (0.1.2)
      net-protocol
    net-protocol (0.2.2)
      timeout
    net-scp (4.1.0)
      net-ssh (>= 2.6.5, < 8.0.0)
    net-sftp (4.0.0)
      net-ssh (>= 5.0.0, < 8.0.0)
    net-smtp (0.5.1)
      net-protocol
    net-ssh (7.3.0)
    nio4r (2.7.4)
    nokogiri (1.18.8-aarch64-linux-gnu)
      racc (~> 1.4)
    nokogiri (1.18.8-aarch64-linux-musl)
      racc (~> 1.4)
    nokogiri (1.18.8-arm-linux-gnu)
      racc (~> 1.4)
    nokogiri (1.18.8-arm-linux-musl)
      racc (~> 1.4)
    nokogiri (1.18.8-x86_64-darwin)
      racc (~> 1.4)
    nokogiri (1.18.8-x86_64-linux-gnu)
      racc (~> 1.4)
    nokogiri (1.18.8-x86_64-linux-musl)
      racc (~> 1.4)
    noticed (2.7.1)
      rails (>= 6.1.0)
    optparse (0.6.0)
    orm_adapter (0.5.0)
    ostruct (0.6.2)
    parallel (1.27.0)
    parser (3.3.9.0)
      ast (~> 2.4.1)
      racc
    path_expander (1.1.3)
    positioning (0.4.6)
      activerecord (>= 6.1)
      activesupport (>= 6.1)
    pp (0.6.2)
      prettyprint
    prettyprint (0.2.0)
    prism (1.4.0)
    profile-viewer (0.0.5)
      optparse
      webrick
    psych (5.2.6)
      date
      stringio
    public_suffix (6.0.2)
    puma (6.6.0)
      nio4r (~> 2.0)
    raabro (1.4.0)
    racc (1.8.1)
    rack (3.1.16)
    rack-protection (4.1.1)
      base64 (>= 0.1.0)
      logger (>= 1.6.0)
      rack (>= 3.0.0, < 4)
    rack-session (2.1.1)
      base64 (>= 0.1.0)
      rack (>= 3.0.0)
    rack-test (2.2.0)
      rack (>= 1.3)
    rackup (2.2.1)
      rack (>= 3)
    rails (8.0.2)
      actioncable (= 8.0.2)
      actionmailbox (= 8.0.2)
      actionmailer (= 8.0.2)
      actionpack (= 8.0.2)
      actiontext (= 8.0.2)
      actionview (= 8.0.2)
      activejob (= 8.0.2)
      activemodel (= 8.0.2)
      activerecord (= 8.0.2)
      activestorage (= 8.0.2)
      activesupport (= 8.0.2)
      bundler (>= 1.15.0)
      railties (= 8.0.2)
    rails-dom-testing (2.3.0)
      activesupport (>= 5.0.0)
      minitest
      nokogiri (>= 1.6)
    rails-html-sanitizer (1.6.2)
      loofah (~> 2.21)
      nokogiri (>= 1.15.7, != 1.16.7, != 1.16.6, != 1.16.5, != 1.16.4, != 1.16.3, != 1.16.2, != 1.16.1, != 1.16.0.rc1, != 1.16.0)
    rails-i18n (8.0.1)
      i18n (>= 0.7, < 2)
      railties (>= 8.0.0, < 9)
    rails_heroicon (2.3.0)
      actionview
      railties
    railties (8.0.2)
      actionpack (= 8.0.2)
      activesupport (= 8.0.2)
      irb (~> 1.13)
      rackup (>= 1.0.0)
      rake (>= 12.2)
      thor (~> 1.0, >= 1.2.2)
      zeitwerk (~> 2.6)
    rainbow (3.1.1)
    rake (13.3.0)
    ransack (4.3.0)
      activerecord (>= 6.1.5)
      activesupport (>= 6.1.5)
      i18n
    rb-fsevent (0.11.2)
    rb-inotify (0.11.1)
      ffi (~> 1.0)
    rdoc (6.14.2)
      erb
      psych (>= 4.0.0)
    redcarpet (3.6.1)
    reek (6.5.0)
      dry-schema (~> 1.13)
      logger (~> 1.6)
      parser (~> 3.3.0)
      rainbow (>= 2.0, < 4.0)
      rexml (~> 3.1)
    regexp_parser (2.10.0)
    reline (0.6.1)
      io-console (~> 0.5)
    request_store (1.7.0)
      rack (>= 1.4)
    responders (3.1.1)
      actionpack (>= 5.2)
      railties (>= 5.2)
    rexml (3.4.1)
    rolify (6.0.1)
    rotp (6.3.0)
    rouge (4.5.2)
    rqrcode (3.1.0)
      chunky_png (~> 1.0)
      rqrcode_core (~> 2.0)
    rqrcode_core (2.0.0)
    rubocop (1.77.0)
      json (~> 2.3)
      language_server-protocol (~> 3.17.0.2)
      lint_roller (~> 1.1.0)
      parallel (~> 1.10)
      parser (>= 3.3.0.2)
      rainbow (>= 2.2.2, < 4.0)
      regexp_parser (>= 2.9.3, < 3.0)
      rubocop-ast (>= 1.45.1, < 2.0)
      ruby-progressbar (~> 1.7)
      unicode-display_width (>= 2.4.0, < 4.0)
    rubocop-ast (1.45.1)
      parser (>= 3.3.7.2)
      prism (~> 1.4)
    rubocop-performance (1.25.0)
      lint_roller (~> 1.1)
      rubocop (>= 1.75.0, < 2.0)
      rubocop-ast (>= 1.38.0, < 2.0)
    rubocop-rails (2.32.0)
      activesupport (>= 4.2.0)
      lint_roller (~> 1.1)
      rack (>= 1.1)
      rubocop (>= 1.75.0, < 2.0)
      rubocop-ast (>= 1.44.0, < 2.0)
    rubocop-rails-omakase (1.1.0)
      rubocop (>= 1.72)
      rubocop-performance (>= 1.24)
      rubocop-rails (>= 2.30)
    ruby-progressbar (1.13.0)
    ruby-vips (2.2.4)
      ffi (~> 1.12)
      logger
    ruby_parser (3.21.1)
      racc (~> 1.5)
      sexp_processor (~> 4.16)
    rubycritic (4.10.0)
      flay (~> 2.13)
      flog (~> 4.7)
      launchy (>= 2.5.2)
      parser (>= 3.3.0.5)
      rainbow (~> 3.1.1)
      reek (~> 6.5.0, < 7.0)
      rexml
      ruby_parser (~> 3.21)
      simplecov (>= 0.22.0)
      tty-which (~> 0.5.0)
      virtus (~> 2.0)
    rubyzip (2.4.1)
    safely_block (0.5.0)
    sanitize (7.0.0)
      crass (~> 1.0.2)
      nokogiri (>= 1.16.8)
    securerandom (0.4.1)
    selenium-webdriver (4.34.0)
      base64 (~> 0.2)
      logger (~> 1.4)
      rexml (~> 3.2, >= 3.2.5)
      rubyzip (>= 1.2.2, < 3.0)
      websocket (~> 1.0)
    sequenced (4.0.0)
      activerecord (>= 3.0)
      activesupport (>= 3.0)
    sexp_processor (4.17.3)
    simple_calendar (3.1.0)
      rails (>= 6.1)
    simplecov (0.22.0)
      docile (~> 1.1)
      simplecov-html (~> 0.11)
      simplecov_json_formatter (~> 0.1)
    simplecov-html (0.13.2)
    simplecov_json_formatter (0.1.4)
    smart_properties (1.17.0)
    solid_cable (3.0.11)
      actioncable (>= 7.2)
      activejob (>= 7.2)
      activerecord (>= 7.2)
      railties (>= 7.2)
    solid_cache (1.0.7)
      activejob (>= 7.2)
      activerecord (>= 7.2)
      railties (>= 7.2)
    solid_litequeen (0.18.1)
      importmap-rails
      rails (>= 8.0.1)
      sqlite3
      stimulus-rails
      turbo-rails
    solid_queue (1.2.0)
      activejob (>= 7.1)
      activerecord (>= 7.1)
      concurrent-ruby (>= 1.3.1)
      fugit (~> 1.11.0)
      railties (>= 7.1)
      thor (~> 1.3.1)
    sprockets (4.2.2)
      concurrent-ruby (~> 1.0)
      logger
      rack (>= 2.2.4, < 4)
    sprockets-rails (3.5.2)
      actionpack (>= 6.1)
      activesupport (>= 6.1)
      sprockets (>= 3.0.0)
    sqlite3 (2.7.2-aarch64-linux-gnu)
    sqlite3 (2.7.2-aarch64-linux-musl)
    sqlite3 (2.7.2-arm-linux-gnu)
    sqlite3 (2.7.2-arm-linux-musl)
    sqlite3 (2.7.2-x86_64-darwin)
    sqlite3 (2.7.2-x86_64-linux-gnu)
    sqlite3 (2.7.2-x86_64-linux-musl)
    sshkit (1.24.0)
      base64
      logger
      net-scp (>= 1.1.2)
      net-sftp (>= 2.1.2)
      net-ssh (>= 2.8.0)
      ostruct
    stimulus-rails (1.3.4)
      railties (>= 6.0.0)
    stringio (3.1.7)
    tailwindcss-rails (4.3.0)
      railties (>= 7.0.0)
      tailwindcss-ruby (~> 4.0)
    tailwindcss-ruby (4.1.11)
    tailwindcss-ruby (4.1.11-aarch64-linux-gnu)
    tailwindcss-ruby (4.1.11-aarch64-linux-musl)
    tailwindcss-ruby (4.1.11-x86_64-darwin)
    tailwindcss-ruby (4.1.11-x86_64-linux-gnu)
    tailwindcss-ruby (4.1.11-x86_64-linux-musl)
    thor (1.3.2)
    thread_safe (0.3.6)
    thruster (0.1.14)
    thruster (0.1.14-aarch64-linux)
    thruster (0.1.14-x86_64-darwin)
    thruster (0.1.14-x86_64-linux)
    timeout (0.4.3)
    tty-which (0.5.0)
    turbo-rails (2.0.16)
      actionpack (>= 7.1.0)
      railties (>= 7.1.0)
    tzinfo (2.0.6)
      concurrent-ruby (~> 1.0)
    unaccent (0.4.0)
    unicode-display_width (3.1.4)
      unicode-emoji (~> 4.0, >= 4.0.4)
    unicode-emoji (4.0.4)
    uri (1.0.3)
    useragent (0.16.11)
    vernier (1.8.0)
    view_component (3.23.2)
      activesupport (>= 5.2.0, < 8.1)
      concurrent-ruby (~> 1)
      method_source (~> 1.0)
    virtus (2.0.0)
      axiom-types (~> 0.1)
      coercible (~> 1.0)
      descendants_tracker (~> 0.0, >= 0.0.3)
    warden (1.2.9)
      rack (>= 2.0.9)
    web-console (4.2.1)
      actionview (>= 6.0.0)
      activemodel (>= 6.0.0)
      bindex (>= 0.4.0)
      railties (>= 6.0.0)
    webrick (1.9.1)
    websocket (1.2.11)
    websocket-driver (0.8.0)
      base64
      websocket-extensions (>= 0.1.0)
    websocket-extensions (0.1.5)
    xpath (3.2.0)
      nokogiri (~> 1.8)
    yard (0.9.37)
    zeitwerk (2.7.3)

PLATFORMS
  aarch64-linux
  aarch64-linux-gnu
  aarch64-linux-musl
  arm-linux-gnu
  arm-linux-musl
  x86_64-darwin-24
  x86_64-linux
  x86_64-linux-gnu
  x86_64-linux-musl

DEPENDENCIES
  active_storage_dashboard (~> 0.1.7)
  activeadmin (~> 4.0.0.beta15)
  acts_as_list (~> 1.2)
  aws-sdk-s3 (~> 1.191)
  blazer (~> 3.3)
  brakeman
  bundler-audit
  capybara
  city-state (~> 1.1)
  country_select (~> 11.0)
  cssbundling-rails
  debug
  devise (~> 4.9)
  devise-i18n (~> 1.14)
  devise-two-factor (~> 6.0)
  dockerfile-rails (>= 1.7)
  dotenv (~> 3.1)
  erb_lint (~> 0.9.0)
  exception-track (~> 1.3)
  flipper (~> 1.3)
  flipper-active_record (~> 1.3)
  flipper-ui (~> 1.3)
  ice_cube (~> 0.17.0)
  image_processing (~> 1.2)
  importmap-rails
  inline_svg (~> 1.10)
  kamal
  letter_opener_web (~> 3.0)
  listen (~> 3.9)
  litestream (~> 0.14.0)
  lookbook (~> 2.3)
  mission_control-jobs (~> 1.1)
  mobility (~> 1.3)
  name_of_person (~> 1.1)
  noticed (~> 2.7)
  positioning (~> 0.4.5)
  profile-viewer (~> 0.0.5)
  puma (>= 5.0)
  rails (~> 8.0, >= 8.0.2)
  rails-i18n (~> 8.0)
  rails_heroicon (~> 2.3)
  rdoc (~> 6.14)
  rolify (~> 6.0)
  rqrcode (~> 3.1)
  rubocop-rails-omakase
  rubycritic
  selenium-webdriver
  sequenced (~> 4.0)
  simple_calendar (~> 3.1)
  solid_cable
  solid_cache
  solid_litequeen (~> 0.18.1)
  solid_queue
  sprockets-rails
  sqlite3 (>= 2.1)
  stimulus-rails
  tailwindcss-rails (~> 4.2)
  thruster
  turbo-rails
  tzinfo-data
  vernier (~> 1.0)
  view_component (~> 3.23)
  web-console

BUNDLED WITH
   2.6.9
